GEM
  remote: https://rubygems.org/
  specs:
    arduino_firmata (0.3.7)
      args_parser (>= 0.1.4)
      event_emitter (>= 0.2.4)
      serialport (>= 1.1.0)
    args_parser (0.2.0)
    coderay (1.1.0)
    event_emitter (0.2.5)
    hurley (0.2)
    method_source (0.8.2)
    mini_portile (0.6.2)
    nokogiri (1.6.6.2)
      mini_portile (~> 0.6.0)
    pry (0.10.3)
      coderay (~> 1.1.0)
      method_source (~> 0.8.1)
      slop (~> 3.4)
    serialport (1.3.1)
    slop (3.6.0)

PLATFORMS
  ruby

DEPENDENCIES
  arduino_firmata
  hurley
  nokogiri
  pry
  serialport

BUNDLED WITH
   1.10.6
